PATH
  remote: .
  specs:
    bin (0.7.1)
      activesupport (>= 3.0.0, < 4.0.0)
      mongo (>= 1.3.0, < 2.0.0)

GEM
  remote: http://rubygems.org/
  specs:
    SystemTimer (1.2.3)
    activesupport (3.2.12)
      i18n (~> 0.6)
      multi_json (~> 1.0)
    bson (1.8.2)
    bson_ext (1.8.2)
      bson (~> 1.8.2)
    diff-lcs (1.2.1)
    i18n (0.6.2)
    log_buddy (0.7.0)
    mongo (1.8.2)
      bson (~> 1.8.2)
    multi_json (1.6.1)
    rake (10.0.3)
    rspec (2.13.0)
      rspec-core (~> 2.13.0)
      rspec-expectations (~> 2.13.0)
      rspec-mocks (~> 2.13.0)
    rspec-core (2.13.0)
    rspec-expectations (2.13.0)
      diff-lcs (>= 1.1.3, < 2.0)
    rspec-mocks (2.13.0)

PLATFORMS
  ruby

DEPENDENCIES
  SystemTimer
  bin!
  bson_ext
  i18n
  log_buddy
  rake
  rspec
